NUGET
  remote: https://nuget.org/api/v2
  specs:
    dotNetRDF (1.0.9.3683)
      HtmlAgilityPack (>= 1.4.9) - framework: >= net35, >= net40
      Newtonsoft.Json (>= 6.0.8) - framework: portable-net40+sl40+win+wp80+MonoAndroid10+MonoTouch10, >= net35, >= net40
      VDS.Common (1.6.0) - framework: portable-net40+sl40+win+wp80+MonoAndroid10+MonoTouch10, >= net35, >= net40
    Elasticsearch.Net (1.7.0)
    ExtCore (0.8.45)
    FAKE (4.0.2)
    FParsec (1.0.1)
    FSharp.Collections.ParallelSeq (1.0.2)
    FSharp.Compiler.Service (0.0.87)
    FSharp.Data (2.2.5)
      Zlib.Portable (>= 1.10.0) - framework: portable-net40+sl50+wp80+win80
    FSharp.Formatting (2.10.0)
      FSharp.Compiler.Service (>= 0.0.87)
      FSharpVSPowerTools.Core (1.8.0)
    FSharp.RDF (1.0.63)
      FSharpx.Core
      dotNetRDF
      json-ld.net
    FSharpVSPowerTools.Core (1.8.0)
      FSharp.Compiler.Service (>= 0.0.87)
    FSharpx.Core (1.8.41)
    HtmlAgilityPack (1.4.9) - framework: >= net35, >= net40
    json-ld.net (1.0.4)
      Newtonsoft.Json (>= 4.0.1)
    Microsoft.Bcl (1.1.10)
      Microsoft.Bcl.Build (>= 1.0.14)
    Microsoft.Bcl.Build (1.0.21)
    Microsoft.Net.Http (2.2.29)
      Microsoft.Bcl (>= 1.1.10)
      Microsoft.Bcl.Build (>= 1.0.14)
    NEST (1.7.0)
      Elasticsearch.Net (>= 1.7.0)
      Newtonsoft.Json (>= 7.0 < 8.0)
    Newtonsoft.Json (7.0.1)
    NuGet.CommandLine (2.8.6)
    Octokit (0.14.0)
      Microsoft.Net.Http
    SharpYaml (1.5.0)
    SourceLink.Fake (1.0.0)
    UnionArgParser (0.8.7)
    Unquote (2.2.2)
    VDS.Common (1.6.0) - framework: portable-net40+sl40+win+wp80+MonoAndroid10+MonoTouch10, >= net35, >= net40
    xunit (1.9.2)
    xunit.runners (1.9.2)
    Zlib.Portable (1.11.0) - framework: portable-net40+sl50+wp80+win80
GITHUB
  remote: fsharp/FAKE
  specs:
    modules/Octokit/Octokit.fsx (69ef5a5ccc1ece211a241fa43781b53d49e58475)
      Octokit
  remote: matthid/Yaaf.FSharp.Scripting
  specs:
    src/source/Yaaf.FSharp.Scripting/YaafFSharpScripting.fs (3c88637670484405503f20040e33b344fc28f723)